PATH
  remote: .
  specs:
    json_builder (3.1.7)
      activesupport (>= 2.0.0)
      json

GEM
  remote: http://rubygems.org/
  specs:
    activesupport (3.2.8)
      i18n (~> 0.6)
      multi_json (~> 1.0)
    i18n (0.6.0)
    json (1.7.5)
    multi_json (1.3.6)
    rake (0.9.2.2)
    tzinfo (0.3.31)

PLATFORMS
  ruby

DEPENDENCIES
  i18n
  json_builder!
  rake
  tzinfo
